PATH
  remote: .
  specs:
    template_gem (0.0.0)

GEM
  remote: http://rubygems.org/
  specs:

PLATFORMS
  ruby

DEPENDENCIES
  template_gem!
